GEM
  remote: https://rubygems.org/
  specs:
    aws-eventstream (1.1.0)
    aws-sigv4 (1.2.2)
      aws-eventstream (~> 1, >= 1.0.2)
    mustermann (1.1.1)
      ruby2_keywords (~> 0.0.1)
    rack (2.2.6.2)
    rack-protection (2.1.0)
      rack
    ruby2_keywords (0.0.2)
    sinatra (2.1.0)
      mustermann (~> 1.0)
      rack (~> 2.2)
      rack-protection (= 2.1.0)
      tilt (~> 2.0)
    tilt (2.0.10)
    vault (0.15.0)
      aws-sigv4

PLATFORMS
  ruby

DEPENDENCIES
  rack (>= 2.1.4)
  sinatra (= 2.1.0)
  vault (= 0.15.0)

BUNDLED WITH
   2.1.4
